GEM
  remote: http://rubygems.org/
  specs:
    diff-lcs (1.1.3)
    fileutils (0.7)
      rmagick (>= 2.13.1)
    git (1.2.5)
    rmagick (2.13.1)
    rspec (2.8.0)
      rspec-core (~> 2.8.0)
      rspec-expectations (~> 2.8.0)
      rspec-mocks (~> 2.8.0)
    rspec-core (2.8.0)
    rspec-expectations (2.8.0)
      diff-lcs (~> 1.1.2)
    rspec-mocks (2.8.0)
    trollop (1.16.2)

PLATFORMS
  ruby

DEPENDENCIES
  fileutils
  git
  rspec
  trollop
